PATH
  remote: .
  specs:
    hummingbird (0.0.1)
      optimism
      sequel

GEM
  remote: http://rubygems.org/
  specs:
    guard (1.4.0)
      listen (>= 0.4.2)
      thor (>= 0.14.6)
    guard-minitest (0.5.0)
      guard (>= 0.4)
    json (1.7.5)
    listen (0.5.3)
    minitest (4.0.0)
    multi_json (1.3.6)
    optimism (3.3.1)
      json
      pd
    pd (1.1.0)
    rake (0.9.2.2)
    sequel (3.40.0)
    simplecov (0.6.4)
      multi_json (~> 1.0)
      simplecov-html (~> 0.5.3)
    simplecov-html (0.5.3)
    thor (0.16.0)

PLATFORMS
  ruby

DEPENDENCIES
  guard
  guard-minitest
  hummingbird!
  minitest
  rake
  simplecov
