PATH
  remote: .
  specs:
    hummingbird (0.0.1)
      sequel

GEM
  remote: http://rubygems.org/
  specs:
    guard (1.4.0)
      listen (>= 0.4.2)
      thor (>= 0.14.6)
    guard-minitest (0.5.0)
      guard (>= 0.4)
    listen (0.5.3)
    minitest (4.0.0)
    rake (0.9.2.2)
    sequel (3.40.0)
    thor (0.16.0)

PLATFORMS
  ruby

DEPENDENCIES
  guard
  guard-minitest
  hummingbird!
  minitest
  rake
