PATH
  remote: .
  specs:
    hummingbird (0.0.1)
      sequel

GEM
  remote: http://rubygems.org/
  specs:
    minitest (4.0.0)
    rake (0.9.2.2)
    sequel (3.40.0)

PLATFORMS
  ruby

DEPENDENCIES
  hummingbird!
  minitest
  rake
